GEM
  remote: https://rubygems.org/
  specs:
    faraday (0.9.0)
      multipart-post (>= 1.2, < 3)
    multipart-post (2.0.0)
    netrc (0.7.7)

PLATFORMS
  ruby

DEPENDENCIES
  faraday
  netrc
